NUGET
  remote: https://www.nuget.org/api/v2
    Antlr (3.5.0.2) - framework: >= net452
    AutoMapper (4.2.1) - framework: >= net452
    bootstrap (3.3.6) - framework: >= net452
      jQuery (>= 1.9.1 < 3.0)
    CommonServiceLocator (1.3) - framework: >= net452
    Dapper (1.42) - framework: >= net452
    EntityFramework (6.1.3) - framework: >= net452
    jQuery (2.2.1) - framework: >= net452
    jQuery.Validation (1.14) - framework: >= net452
      jQuery (>= 1.4.4)
    Microsoft.ApplicationInsights (2.0) - framework: >= net452
    Microsoft.ApplicationInsights.Agent.Intercept (1.2.1) - framework: >= net452
    Microsoft.ApplicationInsights.DependencyCollector (2.0) - framework: >= net452
      Microsoft.ApplicationInsights (2.0) - framework: >= net40
      Microsoft.ApplicationInsights.Agent.Intercept (>= 1.2.1) - framework: >= net40
    Microsoft.ApplicationInsights.JavaScript (0.15.0-build58334) - framework: >= net452
    Microsoft.ApplicationInsights.PerfCounterCollector (2.0) - framework: >= net452
      Microsoft.ApplicationInsights (2.0) - framework: >= net45
    Microsoft.ApplicationInsights.Web (2.0) - framework: >= net452
      Microsoft.ApplicationInsights (2.0) - framework: >= net40
      Microsoft.ApplicationInsights.WindowsServer (>= 2.0) - framework: >= net40
    Microsoft.ApplicationInsights.WindowsServer (2.0) - framework: >= net452
      Microsoft.ApplicationInsights (2.0) - framework: >= net40
      Microsoft.ApplicationInsights.DependencyCollector (>= 2.0) - framework: >= net40
      Microsoft.ApplicationInsights.PerfCounterCollector (>= 2.0) - framework: >= net40
      Microsoft.ApplicationInsights.WindowsServer.TelemetryChannel (2.0) - framework: >= net40
    Microsoft.ApplicationInsights.WindowsServer.TelemetryChannel (2.0) - framework: >= net452
      Microsoft.ApplicationInsights (2.0) - framework: >= net40
    Microsoft.AspNet.Identity.Core (2.2.1) - framework: >= net452
    Microsoft.AspNet.Identity.EntityFramework (2.2.1) - framework: >= net452
      EntityFramework (>= 6.1)
      Microsoft.AspNet.Identity.Core (>= 2.2.1)
    Microsoft.AspNet.Identity.Owin (2.2.1) - framework: >= net452
      Microsoft.AspNet.Identity.Core (>= 2.2.1)
      Microsoft.Owin.Security (>= 2.1)
      Microsoft.Owin.Security.Cookies (>= 2.1)
      Microsoft.Owin.Security.OAuth (>= 2.1)
    Microsoft.AspNet.Mvc (5.2.3) - framework: >= net452
      Microsoft.AspNet.Razor (>= 3.2.3 < 3.3)
      Microsoft.AspNet.WebPages (>= 3.2.3 < 3.3)
    Microsoft.AspNet.Razor (3.2.3) - framework: >= net452
    Microsoft.AspNet.Web.Optimization (1.1.3) - framework: >= net452
      Microsoft.Web.Infrastructure (>= 1.0)
      WebGrease (>= 1.5.2)
    Microsoft.AspNet.WebApi (5.2.3) - framework: >= net452
      Microsoft.AspNet.WebApi.WebHost (>= 5.2.3 < 5.3)
    Microsoft.AspNet.WebApi.Client (5.2.3) - framework: >= net452
      Newtonsoft.Json (>= 6.0.4) - framework: >= net45, portable-wp80+win+wp81+wpa81
    Microsoft.AspNet.WebApi.Core (5.2.3) - framework: >= net452
      Microsoft.AspNet.WebApi.Client (>= 5.2.3)
    Microsoft.AspNet.WebApi.WebHost (5.2.3) - framework: >= net452
      Microsoft.AspNet.WebApi.Core (>= 5.2.3 < 5.3)
    Microsoft.AspNet.WebPages (3.2.3) - framework: >= net452
      Microsoft.AspNet.Razor (>= 3.2.3 < 3.3)
      Microsoft.Web.Infrastructure (>= 1.0)
    Microsoft.CodeDom.Providers.DotNetCompilerPlatform (1.0.1) - framework: >= net452
      Microsoft.Net.Compilers (>= 1.0)
    Microsoft.jQuery.Unobtrusive.Validation (3.2.3) - framework: >= net452
      jQuery (>= 1.8)
      jQuery.Validation (>= 1.8.0.1)
    Microsoft.Net.Compilers (1.1.1) - framework: >= net452
    Microsoft.Owin (3.0.1) - framework: >= net452
      Owin (>= 1.0)
    Microsoft.Owin.Host.SystemWeb (3.0.1) - framework: >= net452
      Microsoft.Owin (>= 3.0.1)
      Owin (>= 1.0)
    Microsoft.Owin.Security (3.0.1) - framework: >= net452
      Microsoft.Owin (>= 3.0.1)
      Owin (>= 1.0)
    Microsoft.Owin.Security.Cookies (3.0.1) - framework: >= net452
      Microsoft.Owin (>= 3.0.1)
      Microsoft.Owin.Security (>= 3.0.1)
      Owin (>= 1.0)
    Microsoft.Owin.Security.Facebook (3.0.1) - framework: >= net452
      Microsoft.Owin (>= 3.0.1)
      Microsoft.Owin.Security (>= 3.0.1)
      Newtonsoft.Json (>= 6.0.4)
      Owin (>= 1.0)
    Microsoft.Owin.Security.Google (3.0.1) - framework: >= net452
      Microsoft.Owin (>= 3.0.1)
      Microsoft.Owin.Security (>= 3.0.1)
      Newtonsoft.Json (>= 6.0.4)
      Owin (>= 1.0)
    Microsoft.Owin.Security.MicrosoftAccount (3.0.1) - framework: >= net452
      Microsoft.Owin (>= 3.0.1)
      Microsoft.Owin.Security (>= 3.0.1)
      Newtonsoft.Json (>= 6.0.4)
      Owin (>= 1.0)
    Microsoft.Owin.Security.OAuth (3.0.1) - framework: >= net452
      Microsoft.Owin (>= 3.0.1)
      Microsoft.Owin.Security (>= 3.0.1)
      Newtonsoft.Json (>= 6.0.4)
      Owin (>= 1.0)
    Microsoft.Owin.Security.Twitter (3.0.1) - framework: >= net452
      Microsoft.Owin (>= 3.0.1)
      Microsoft.Owin.Security (>= 3.0.1)
      Newtonsoft.Json (>= 6.0.4)
      Owin (>= 1.0)
    Microsoft.SqlServer.Types (11.0.2) - framework: >= net452
    Microsoft.Web.Infrastructure (1.0) - framework: >= net452
    Modernizr (2.8.3) - framework: >= net452
    MvcCheckBoxList (1.4.5) - framework: >= net452
    Newtonsoft.Json (7.0.1)
    Owin (1.0) - framework: >= net452
    PetaPoco (5.1.153) - framework: >= net452
    Respond (1.4.2) - framework: >= net452
    Sendgrid (6.3.4) - framework: >= net452
      Microsoft.AspNet.WebApi.Client (>= 5.2.3)
      Newtonsoft.Json (>= 7.0)
      SendGrid.SmtpApi (>= 1.3.1)
    SendGrid.SmtpApi (1.3.1) - framework: >= net452
    Unity (4.0.1) - framework: >= net452
      CommonServiceLocator (>= 1.3)
    Unity.Interception (2.1.505.2) - framework: >= net452
      Unity (>= 2.1)
    Unity.Mvc (4.0.1) - framework: >= net452
      CommonServiceLocator (>= 1.3)
      Microsoft.AspNet.Mvc (>= 4.0.20710)
      Unity (>= 4.0.1)
      WebActivatorEx (>= 2.0)
    WebActivatorEx (2.1) - framework: >= net452
      Microsoft.Web.Infrastructure (>= 1.0)
    WebGrease (1.6) - framework: >= net452
      Antlr (>= 3.4.1.9004)
      Newtonsoft.Json (>= 5.0.4)
